PATH
  remote: .
  specs:
    saddler (1.0.0)
      saddler-reporter-text
      thor

GEM
  remote: https://rubygems.org/
  specs:
    ast (2.4.2)
    byebug (11.1.3)
    childprocess (4.0.0)
    coderay (1.1.3)
    iniparse (1.5.0)
    method_source (1.0.0)
    overcommit (0.57.0)
      childprocess (>= 0.6.3, < 5)
      iniparse (~> 1.4)
    parallel (1.20.1)
    parser (3.0.0.0)
      ast (~> 2.4.1)
    power_assert (2.0.0)
    pry (0.14.0)
      coderay (~> 1.1)
      method_source (~> 1.0)
    rainbow (3.0.0)
    rake (13.0.3)
    regexp_parser (2.0.3)
    rexml (3.2.4)
    rubocop (1.10.0)
      parallel (~> 1.10)
      parser (>= 3.0.0.0)
      rainbow (>= 2.2.2, < 4.0)
      regexp_parser (>= 1.8, < 3.0)
      rexml
      rubocop-ast (>= 1.2.0, < 2.0)
      ruby-progressbar (~> 1.7)
      unicode-display_width (>= 1.4.0, < 3.0)
    rubocop-ast (1.4.1)
      parser (>= 2.7.1.5)
    ruby-progressbar (1.11.0)
    saddler-reporter-text (1.0.0)
    slop (4.6.2)
    test-unit (3.4.0)
      power_assert
    thor (1.1.0)
    unicode-display_width (2.0.0)

PLATFORMS
  x86_64-darwin-16
  x86_64-linux

DEPENDENCIES
  bundler
  byebug
  overcommit
  pry
  rake
  rubocop
  saddler!
  slop (= 4.6.2)
  test-unit

BUNDLED WITH
   2.2.10
