PATH
  remote: .
  specs:
    saddler (1.0.0)
      saddler-reporter-text
      thor

GEM
  remote: https://rubygems.org/
  specs:
    ast (2.4.0)
    byebug (11.0.1)
    childprocess (1.0.1)
      rake (< 13.0)
    coderay (1.1.2)
    iniparse (1.4.4)
    jaro_winkler (1.5.3)
    method_source (0.9.2)
    overcommit (0.49.1)
      childprocess (>= 0.6.3, < 2.0)
      iniparse (~> 1.4)
    parallel (1.17.0)
    parser (2.6.4.0)
      ast (~> 2.4.0)
    power_assert (1.1.5)
    pry (0.12.2)
      coderay (~> 1.1.0)
      method_source (~> 0.9.0)
    rainbow (3.0.0)
    rake (12.3.3)
    rubocop (0.74.0)
      jaro_winkler (~> 1.5.1)
      parallel (~> 1.10)
      parser (>= 2.6)
      rainbow (>= 2.2.2, < 4.0)
      ruby-progressbar (~> 1.7)
      unicode-display_width (>= 1.4.0, < 1.7)
    ruby-progressbar (1.10.1)
    saddler-reporter-text (1.0.0)
    slop (4.6.2)
    test-unit (3.3.3)
      power_assert
    thor (0.20.3)
    unicode-display_width (1.6.0)

PLATFORMS
  ruby

DEPENDENCIES
  bundler
  byebug
  overcommit
  pry
  rake
  rubocop
  saddler!
  slop (= 4.6.2)
  test-unit

BUNDLED WITH
   2.1.0.pre.1
